GEM
  remote: https://rubygems.org/
  specs:
    coderay (1.1.1)
    colorize (0.8.1)
    ffi (1.9.14)
    method_source (0.8.2)
    pry (0.10.4)
      coderay (~> 1.1.0)
      method_source (~> 0.8.1)
      slop (~> 3.4)
    slop (3.6.0)
    win32-sound (0.6.0)
      ffi

PLATFORMS
  ruby

DEPENDENCIES
  colorize (~> 0.8.1)
  pry (~> 0.10.4)
  win32-sound (~> 0.6.0)

RUBY VERSION
   ruby 2.3.1p112

BUNDLED WITH
   1.13.6
